p1 6 1 13 13 13 2 1 8194 1 64
1 0 
0 
fb 7 1 55000 1000 200 2 1 11 1 64
1 2600 
0 
date 2 2 9 0 0 2 1 1 1 64
1 "May  7 2020"
0 
axisf 4 2 4 0 0 4 1 0 1 64
1 "s"
4 "m" "n" "s" "u" 
ap 2 2 1023 0 0 4 1 6 1 64
11 "1:SAMPLE:date,solvent,file;"
"1:ACQUISITION:sfrq:3,tn:2,at:3,np:0,sw:1,fb:0,bs(bs):0,ss(ss):0,tpwr(tpwr):0,pw:1,p1(p1):1,d1:3,d2(d2):3,tof:1,nt:0,ct:0,alock,gain:0;"
"1:FLAGS:il,in,dp;"
"1(ni):2D ACQUISITION:sw1:1,ni:0,phase:0;"
"1(ni2):3D ACQUISITION:d3:0,sw2:1,ni2:0,phase2:0;"
"1:DISPLAY:sp:1,wp:1,vs:0,sc:0,wc:0,hzmm:2,is:2,rfl:1,rfp:1,th:0,ins:3,aig*,dcg*,dmg*;"
"1(ni):2D DISPLAY:sp1:1,wp1:1,sc2:0,wc2:0,rfl1:1,rfp1:1;"
"2:DEC. & VT:dfrq:3,dn,dpwr(dpwr):0,dhp(dhp):1,dof:1,dm,dmm,dmf,temp(temp):1;"
"2:PROCESSING:cf(nf):0,lb(lb):2,sb(sb):3,sbs(sb):3,gf(gf):3,gfs(gf):3,awc(awc):3,lsfid(lsfid):0,phfid(phfid):1,wtfile,proc,fn:0,,werr,wexp,wbs,wnt;"
"2(ni):2D PROCESSING:lb1(lb1):3,sb1(sb1):3,sbs1(sb1):3,gf1(gf1):3,gfs1(gf1):3,awc1(awc1):3,wtfile1,proc1,fn1:0;"
"2(ni2):3D PROCESSING:lb2(lb2):2,sb2(sb2):3,sbs2(sb2):3,gf2(gf2):3,gfs2(gf2):3,awc2(awc2):3,wtfile2,proc2,fn2:0;"
0 
PROTONnt 7 1 32767 0 0 3 1 1 1 64
1 0 
0 
Gmap 2 2 8 0 0 2 1 1 1 64
1 "lk"
0 
Archive2 2 2 8 0 0 2 1 0 1 64
1 ""
0 
Archive1 2 2 8 0 0 2 1 0 1 64
1 ""
0 
ACQtime 7 1 100000000 0 1 2 1 256 1 64
1 0 
0 
CARBONnt 7 1 32767 0 0 3 1 1 1 64
1 0 
0 
Hprescan 2 2 8 0 0 3 1 0 1 64
6 "off"
"auto"
"off"
""
"Complete"
"Complete"
0 
H1reffrq 1 1 9.99999984307e+17 -9.99999984307e+17 0 2 1 0 1 64
1 13.9998987877 
0 
Gmapname 2 2 8 0 0 2 1 1 1 64
1 ""
0 
MinSW 2 2 8 0 0 3 1 0 1 64
1 "off"
4 "off" "auto" "manual" "skip" 
IPrunid 2 2 8 0 0 2 1 0 1 64
1 ""
0 
PFGflg 4 2 4 0 0 2 1 16385 1 64
1 "y"
0 
acqstatus 7 1 32767 0 0 2 1 256 1 64
2 16 16 
0 
acqdim 7 1 32767 0 0 2 1 0 1 64
1 1 
0 
acqcycles 1 1 9.99999984307e+17 -9.99999984307e+17 0 2 1 0 1 64
1 1 
0 
REQexp 2 2 8 0 0 4 1 256 1 64
2 ""
"ignore"
0 
acqpath 2 2 8 0 0 2 1 0 1 64
1 ""
0 
aig 2 2 2 0 0 4 1 1 1 64
1 "ai"
2 "nm" "ai" 
adir2tmplt 2 2 8 0 0 2 1 0 1 64
1 ""
0 
actionid 2 2 8 0 0 4 1 0 1 64
1 "null"
0 
adirtmplt 2 2 8 0 0 2 1 0 1 64
1 ""
0 
alock 2 2 8 0 0 2 1 0 1 64
1 "n"
5 "a" "n" "s" "u" "y" 
alfa 6 1 13 13 13 2 1 24578 1 64
1 3 
0 
at 1 1 100 1e-06 1e-06 2 1 11 1 64
1 0.142858175643 
0 
array 2 2 256 0 0 2 1 1 1 64
1 ""
0 
apptype 2 2 8 0 0 2 1 1 1 64
1 "std1d"
0 
archivedir 2 2 8 0 0 2 1 0 1 64
1 ""
0 
arraydim 7 1 32768 1 1 2 1 5 1 64
1 1 
0 
arrayelemts 1 1 9.99999984307e+17 -9.99999984307e+17 0 2 1 0 1 64
1 0 
0 
awc1 1 1 1 -1 0.001 3 1 1 0 64
1 0 
0 
awc 1 1 1 -1 0.001 3 1 1 0 64
1 0 
0 
avwdir 2 2 8 0 0 3 1 0 1 64
1 ""
0 
axis 4 2 4 0 0 4 1 0 1 64
1 "h"
11 "c" "d" "1" "2" "3" "h" "k" "m" "n" "p" "u" 
crf 1 1 9.99999984307e+17 -9.99999984307e+17 0 4 1 0 1 64
1 0 
0 
comment 2 2 8 0 0 3 1 0 1 64
1 ""
0 
celem 1 1 9.99999984307e+17 -9.99999984307e+17 0 2 1 0 1 64
1 1 
0 
c13wet 4 2 4 0 0 2 1 0 1 64
1 "n"
2 "y" "n" 
bs 7 1 32767 0 1 2 1 0 1 64
1 1 
0 
cf 7 1 32767 0 1 3 1 1 0 64
1 1 
0 
console 2 2 8 0 0 2 1 0 1 64
1 "b12"
0 
compshape 2 2 8 0 0 2 1 0 1 64
1 ""
0 
composit 4 2 4 0 0 2 1 0 1 64
1 "n"
2 "y" "n" 
concentration 1 1 9.99e+17 0 0 2 1 8 1 64
1 0 
0 
cr 1 1 1000000000 -1000000000 0 4 1 1 1 64
1 301.48620669 
0 
cp 2 2 1 0 0 2 1 0 1 64
1 "n"
2 "y" "n" 
cppauseflg 4 2 4 0 0 4 1 0 1 64
1 "n"
0 
cr1 1 1 1000000000 -1000000000 0 4 1 3 1 64
1 0 
0 
d2 3 1 14 14 14 2 1 8194 1 64
1 0 
0 
cutoff 1 1 9.99999984307e+17 -9.99999984307e+17 0 4 1 0 0 64
1 200 
0 
ct 7 1 1000000000 0 1 2 1 6 1 64
1 1 
0 
customflag 4 2 4 0 0 4 1 0 1 64
1 "n"
0 
d1 3 1 14 14 14 2 1 8194 1 64
1 0.05 
0 
dataid 2 2 8 0 0 2 1 0 1 64
1 ""
0 
dataProcessed 1 1 9.99999984307e+17 -9.99999984307e+17 0 3 1 0 1 64
1 0 
0 
dmg 2 2 2 0 0 4 1 3 1 64
1 "av"
0 
dg1 2 2 1023 0 0 4 1 6 1 64
1 "1:DISPLAY:sp:1,wp:1,vs:0;1:REFERENCE:rfl:1,rfp:1,cr:1,delta:1;1:PHASE:lp:1,rp:1,rp1(ni):1,lp1(ni):1;2:CHART:sc:0,wc:0,hzmm:2,vp:0,axis,pltmod,,th:0,,ho:2,vo:2,,trace:2;3(ni):2D:sp1:1,wp1:1,sc2:0,wc2:0,rfl1:1,rfp1:1;3:FLAGS:aig*,dcg*,dmg*;3:FID:sf:3,wf:3,vf:0;4:INTEGRAL:intmod,is:2,ins:3,io:0,,lvl:3,tlt:3;"
0 
delta 1 1 5000000 0 0 4 1 1 1 64
1 4.03254972875 
0 
ddrcr 1 1 1000 2 0 2 1 0 1 64
1 2 
0 
dcg 2 2 3 0 0 4 1 1 1 64
1 "cdc"
2 "dc" "cdc" 
datname 2 2 8 0 0 3 1 0 1 64
1 ""
0 
dcrmv 4 2 9.99999984307e+17 -9.99999984307e+17 0 4 1 0 1 64
1 "n"
2 "y" "n" 
ddrpm 2 2 8 0 0 2 1 0 1 64
1 ""
0 
ddrfw2 1 1 9.99999984307e+17 -9.99999984307e+17 0 2 1 0 1 64
1 2.45 
0 
ddrfw1 1 1 9.99999984307e+17 -9.99999984307e+17 0 2 1 0 1 64
1 2.15 
0 
dec3wave 2 2 8 0 0 2 1 0 1 64
1 "g"
0 
dec2wave 2 2 8 0 0 2 1 0 1 64
1 "g"
0 
decwave 2 2 8 0 0 2 1 0 1 64
1 "g"
0 
deltaf 1 1 100 0 0 4 1 0 1 64
1 0 
0 
delta1 1 1 5000000 0 0 4 1 3 1 64
1 0 
0 
dfrq 5 1 1000000000 -1000000000 0 2 1 8 1 64
1 125.6955729 
0 
density 1 1 9.99999984307e+17 -9.99999984307e+17 0 2 1 0 1 64
1 1 
0 
dg 2 2 1023 0 0 4 1 6 1 64
1 "1:ACQUISITION:sfrq:3,tn,at:3,np:0,sw:1,fb:0,bs:0,ss:0,tpwr(tpwr):0,pw:1,p1:1,d1:3,d2:3,tof:1,nt:0,ct:0;2:SAMPLE:date,solvent,file;2:DECOUPLING:dn,dof:1,dm,dmm,dmf,dpwr(dpwr):0,dhp(dhp):1,dlp(dlp):0;2(ni):2D ACQUISITION:sw1:1,ni:0;3:PROCESSING:cf(nf):0,lb:2,sb:3,sbs(sb):3,gf:3,gfs(gf):3,awc:3,lsfid:0,phfid:1,wtfile,proc,fn:0,,werr,wexp,wbs,wnt;4(ni):2D PROCESSING:lb1:2,sb1:3,sbs1(sb1):3,gf1:3,gfs1(gf1):3,awc1:3,wtfile1,proc1,fn1:0;4:FLAGS:il,in,dp;4:SPECIAL:temp:1;"
0 
dhp 1 1 9 9 9 2 1 8192 0 64
1 1 
0 
dgs 2 2 1023 0 0 4 1 6 1 64
5 "1:AXIAL SHIMS:z1:0,z2:0,z3:0,z4:0,z5:0,z6:0,z7:0;"
"2:NON AXIAL SHIMS:x1:0,y1:0,xz:0,yz:0,xy:0,x2y2:0,x3:0,y3:0,xz2:0,yz2:0,zxy:0,zx2y2:0,z3x:0,z3y:0;"
"3:NON AXIAL SHIMS:z2x2y2:0,z2xy:0,zx3:0,zy3:0,z4x:0,z4y:0;"
"4:AUTOMATION:method,wshim,load,,spin:0,gain:0,alock,loc:0;"
"4:SPECIAL:temp;"
0 
dg2 2 2 8 0 0 4 1 4 1 64
4 "1:1st DECOUPLING:dfrq:3,dn,dpwr(dpwr):0,dhp(dhp):1,dof:1,dm,dmm,dmf:0;"
"3(ni2):3D ACQUISITION:d3:3,sw2:1,ni2:0,phase2:0;"
"3(ni2):3D DISPLAY:rp2:1,lp2:1;"
"4(ni2):3D PROCESSING:lb2:3,sb2:3,sbs2(sb2):3,gf2:3,gfs2(gf2):3,awc2:3,wtfile2,proc2,fn2:0;"
0 
dglp 2 2 8 0 0 4 1 7 1 64
1 "1(lpfilt):LP:lpalg,lpopt,lpfilt:0,lpnupts:0,strtlp:0,lpext:0,strtext:0;2(lpfilt1):LP 1:lpalg1,lpopt1,lpfilt1:0,lpnupts1:0,strtlp1:0,lpext1:0,strtext1:0;3(lpfilt2):LP 2:lpalg2,lpopt2,lpfilt2:0,lpnupts2:0,strtlp2:0,lpext2:0,strtext2:0;4:LP OUTPUT:lpprint(lpfilt):0,lptrace(lpfilt):0,lpprint1(lpfilt1):0,lptrace1(lpfilt1):0,lpprint2(lpfilt2):0,lptrace2(lpfilt2):0;"
0 
dgwet 2 2 8 0 0 4 1 0 1 64
1 "1:WET:wet,wetshape,wetpwr,pwwet:1,composit,compshape,gzlvlw,gtw:6,gswet:6,dz:6;2:C13 WET:c13wet,dofwet:1,dpwrwet,dmmwet,dmfwet,decwavewet;"
0 
dm 4 2 4 0 0 2 1 0 1 64
1 "nnn"
2 "n" "y" 
displaymode 4 2 9.99999984307e+17 -9.99999984307e+17 0 4 1 0 1 64
1 "r"
0 
disCmd 2 2 8 0 0 4 1 0 1 64
1 ""
0 
dlp 7 1 10 10 10 2 1 8194 0 64
1 1023 
0 
dmf 7 1 11 11 11 2 1 8194 1 64
1 12300 
0 
dmfwet 7 1 32767 0 0 2 1 0 1 64
1 200 
0 
dseq 2 2 8 0 0 2 1 0 1 64
1 "garp1"
0 
dotflag 2 2 8 0 0 4 1 0 1 64
1 "n"
2 "n" "y" 
dn3shapes 2 2 8 0 0 2 1 256 1 64
3 ""
""
""
0 
dn 2 2 4 0 0 2 1 8 1 64
1 "C13"
0 
dmm 4 2 4 0 0 2 1 0 1 64
1 "c"
5 "c" "f" "n" "p" "w" 
dmg1 2 2 8 0 0 4 1 0 1 64
1 ""
4 "" "av1" "ph1" "pwr1" 
dmmwet 4 2 4 0 0 2 1 0 1 64
1 "c"
4 "c" "w" "g" "p" 
dn2shapes 2 2 8 0 0 2 1 256 1 64
3 ""
""
""
0 
dn2ref 2 2 8 0 0 4 1 1 1 64
1 ""
0 
dn3ref 2 2 8 0 0 4 1 1 1 64
1 ""
0 
dnshapes 2 2 8 0 0 2 1 256 1 64
3 ""
""
""
0 
dn4ref 2 2 8 0 0 4 1 1 1 64
1 ""
0 
dnref 2 2 8 0 0 4 1 1 1 64
1 ""
0 
dof 5 1 8 8 8 2 1 8202 1 64
1 0 
0 
dod 3 1 14 14 14 2 1 8194 1 64
1 0.00999999977648 
0 
dofwet 5 1 1000000000 -1000000000 0 2 1 0 1 64
1 -7220.08352899 
0 
dpwrwet 7 1 48 -16 1 2 1 0 1 64
1 35 
0 
dpf_wc2 1 1 9.99999984307e+17 -9.99999984307e+17 0 4 1 0 1 64
1 65 
0 
dp 2 2 1 0 0 2 1 0 1 64
1 "y"
2 "y" "n" 
dpwr 1 1 9 9 9 2 1 8194 1 64
1 41 
0 
dres 7 1 360 1 0 2 1 0 1 64
1 1 
0 
dreswet 1 1 9.99999984307e+17 -9.99999984307e+17 0 2 1 0 1 64
1 9 
0 
eOptions 2 2 8 0 0 4 1 264 1 64
1 ""
0 
dss_wc 1 1 9.99999984307e+17 -9.99999984307e+17 0 4 1 0 1 64
1 234 
0 
dss_sc 1 1 9.99999984307e+17 -9.99999984307e+17 0 4 1 0 1 64
1 0 
0 
dseqwet 2 2 8 0 0 2 1 0 1 64
1 ""
0 
dss_sc2 1 1 9.99999984307e+17 -9.99999984307e+17 0 4 1 0 1 64
1 0 
0 
dz 3 1 14 14 14 2 1 8192 1 64
1 0 
0 
dss_wc2 1 1 9.99999984307e+17 -9.99999984307e+17 0 4 1 0 1 64
1 139 
0 
explabel 2 2 8 0 0 2 1 0 1 64
1 "mpstune"
0 
emailwhen 2 2 8 0 0 2 1 0 1 64
1 ""
0 
emailaddr 2 2 8 0 0 4 1 0 1 64
1 ""
0 
emessage 4 2 4 0 0 2 1 0 1 64
1 "n"
0 
exppath 2 2 8 0 0 2 1 0 1 64
1 "/home/dannuc/vnmrsys/exp6/acqfil"
0 
explist 2 2 8 0 0 2 1 256 1 64
1 ""
0 
f2SW 2 2 8 0 0 2 1 1 1 64
1 ""
0 
f1SW 2 2 8 0 0 2 1 1 1 64
1 ""
0 
faculty 2 2 8 0 0 2 1 0 1 64
1 ""
0 
intmod 2 2 8 0 0 4 1 0 1 64
1 "off"
3 "off" "partial" "full" 
homo 2 2 8 0 0 2 1 0 1 64
1 "n"
2 "n" "y" 
gf 1 1 100000 0 0 3 1 1 0 64
1 0.10000000149 
0 
fn 7 1 524288 64 -2 3 1 1 0 64
1 64 
0 
file 2 2 6 0 0 2 1 3 1 64
1 "exp"
0 
fdffile 2 2 8 0 0 3 1 0 1 64
1 ""
0 
fdfdir 2 2 8 0 0 3 1 0 1 64
1 ""
0 
fidid 2 2 8 0 0 2 1 0 1 64
1 ""
0 
filter 7 1 1000000000 0 1 2 1 2 1 64
1 54.0999984741 
0 
filename 2 2 8 0 0 2 1 1 1 64
1 ""
0 
filtfile 2 2 8 0 0 2 1 0 1 64
1 ""
0 
fpmult1 1 1 1000000000 0 0 3 2 0 0 64
1 0.5 
0 
fn1 7 1 524288 64 -2 3 1 1 1 64
1 1024 
0 
fpmult 1 1 1000000000 0 0 3 1 0 0 64
1 1 
0 
fzoom 7 1 32767 0 0 4 1 0 1 64
1 0 
0 
ftproc 1 1 9.99999984307e+17 -9.99999984307e+17 0 3 1 256 1 64
2 1 0 
0 
gain 1 1 60 0 2 2 1 16384 1 64
1 0 
0 
gswet 3 1 14 14 14 2 1 8192 1 64
1 0.002 
0 
gfs1 1 1 1000 -1000 0.001 3 1 1 0 64
1 0 
0 
gfs 1 1 1000 -1000 0.001 3 1 1 0 64
1 0 
0 
gf1 1 1 100000 0 0 3 1 1 0 64
1 1 
0 
go_id 2 2 8 0 0 2 1 7 1 64
1 "exp6.dannuc.dannuc-NUC8i3CYS_1588879073_947355"
0 
go_Options 2 2 8 0 0 2 1 7 1 64
2 "go"
"mpstune"
0 
gzlvlw 7 1 2048 -2048 1 2 1 0 1 64
1 2000 
0 
gtw 3 1 0.01 0 1e-06 2 1 0 1 64
1 0.002 
0 
gxppars 2 2 8 0 0 2 1 0 1 64
1 ""
0 
ho 1 1 500 -500 0 4 1 1 1 64
1 0 
0 
hfmode 4 2 4 0 0 2 1 1 1 64
1 ""
0 
ins 3 1 8190 0 1e-07 4 1 3 1 64
1 100 
0 
hzmm 1 1 1000000000 -1000000000 0 4 1 11 1 64
1 23.8299940191 
0 
hst 3 1 0.02 0 2.5e-08 2 1 2 1 64
1 0.00800000037998 
0 
hs 4 2 4 0 0 2 1 0 1 64
1 "nn"
2 "n" "y" 
il 2 2 1 0 0 2 1 0 1 64
1 "n"
2 "y" "n" 
ident 2 2 8 0 0 3 1 0 1 64
1 ""
0 
in 4 2 1 0 0 2 1 0 1 64
1 "n"
3 "n" "w" "y" 
ins2ref 1 1 9.99999984307e+17 -9.99999984307e+17 0 4 1 0 1 64
1 1 
0 
ins2 1 1 9.99999984307e+17 -9.99999984307e+17 0 4 1 0 1 64
1 1 
0 
insref 1 1 9.99999984307e+17 -9.99999984307e+17 0 4 1 0 0 64
1 1 
0 
lpprint 7 1 63 0 1 3 1 0 1 64
1 0 
0 
lp 1 1 3600 -3600 0.1 4 1 16387 1 64
1 -69.3216446385 
0 
lifrq 1 1 1000000000 -1000000000 0 4 1 0 0 64
13 3067.18915011 2661.72914298 2541.52769474 2410.77197299 2287.05243357 2152.19227213 1895.07844259 1744.38687088 1744.38687088 1263.5810779 1263.5810779 767.237048924 0 
0 
lb1 1 1 100000 -100000 0 3 1 1 1 64
1 0.318309992552 
0 
is 1 1 1000000000 1e-06 0 4 1 3 1 64
1 500 
0 
investigator 2 2 8 0 0 2 1 0 1 64
1 ""
0 
intstd 2 2 8 0 0 2 1 0 1 64
1 ""
0 
io 1 1 500 -500 0.1 4 1 1 1 64
1 20 
0 
layout 2 2 8 0 0 4 1 0 1 64
1 "mpstune"
0 
iswt 1 1 9.99999984307e+17 -9.99999984307e+17 0 2 1 0 1 64
1 0 
0 
lb 1 1 100000 -100000 0 3 1 1 0 64
1 1.5 
0 
liamp 1 1 1000000000 0 0 4 1 0 0 64
1 0 
0 
lcpeak_ 7 1 32767 0 0 2 1 32768 1 64
1 0 
0 
locdir 2 2 8 0 0 2 1 0 1 64
1 ""
0 
load 2 2 4 0 0 2 1 3 1 64
1 "n"
2 "y" "n" 
llfrq 1 1 1000000000 -1000000000 0 4 1 0 0 64
3 911.129998199 903.507932577 896.179023325 
0 
llamp 1 1 1000000000 0 0 4 1 0 0 64
3 1.01765370369 1.98414373398 0.868512272835 
0 
lllabel 2 2 8 0 0 3 1 0 1 64
1 ""
0 
loc_ 7 1 12 12 12 2 1 8201 0 64
1 0 
0 
lockpower_ 1 1 68 0 1 2 1 65552 1 64
1 0 
0 
lockgain_ 1 1 48 0 1 2 1 65552 1 64
1 0 
0 
lockfreq_ 5 1 160 0 1e-07 2 1 9 1 64
1 2.1490852 
0 
lockphase_ 1 1 360 0 1 2 1 65552 1 64
1 0 
0 
longlist 2 2 8 0 0 2 1 256 1 64
1 ""
0 
lot 2 2 8 0 0 2 1 0 1 64
1 ""
0 
lpnupts 7 1 1000000 1 1 3 1 0 1 64
1 64 
0 
lpext 7 1 1000000 0 1 3 1 0 1 64
1 1 
0 
lpalg 2 2 8 0 0 3 1 0 1 64
1 "lpfft"
0 
lp1 1 1 3600 -3600 0.1 4 1 3 1 64
1 0 
0 
lpalg1 2 2 8 0 0 3 1 0 1 64
1 "lpfft"
0 
lpfilt 7 1 32767 1 1 3 1 0 1 64
1 32 
0 
lpext1 7 1 1000000 0 1 3 1 0 1 64
1 1 
0 
lpfilt1 7 1 32767 1 1 3 1 0 1 64
1 32 
0 
lpopt 2 2 8 0 0 3 1 0 1 64
1 "b"
0 
lpnupts1 7 1 1000000 1 1 3 1 0 1 64
1 64 
0 
lpopt1 2 2 8 0 0 3 1 0 1 64
1 "b"
0 
method 2 2 6 0 0 2 1 3 1 64
1 "z1z2"
0 
lsfrq1 1 1 9.99999984307e+17 -9.99999984307e+17 0 3 1 0 0 64
1 0 
0 
lsfid 7 1 64000 -64000 1 3 1 0 0 64
1 0 
0 
lptrace 7 1 32767 0 1 3 1 0 1 64
1 0 
0 
lpprint1 7 1 63 0 1 3 1 0 1 64
1 0 
0 
lptrace1 7 1 32767 0 1 3 1 0 1 64
1 0 
0 
lsfrq 1 1 9.99999984307e+17 -9.99999984307e+17 0 3 1 0 0 64
1 0 
0 
marker1 2 2 8 0 0 2 1 0 1 64
1 ""
0 
macro 2 2 6 0 0 4 1 3 1 64
1 ""
0 
lvl 1 1 1000000000 -1000000000 0 4 1 1 1 64
1 0 
0 
mass 1 1 9.99999984307e+17 0 0 2 1 8 1 64
1 0 
0 
markerfrq1 1 1 9.99999984307e+17 -9.99999984307e+17 0 2 1 0 1 64
1 0 
0 
marker2 2 2 8 0 0 2 1 0 1 64
1 ""
0 
markerfrq2 1 1 9.99999984307e+17 -9.99999984307e+17 0 2 1 0 1 64
1 0 
0 
math 2 2 1 0 0 3 1 3 1 64
1 "f"
3 "d" "f" "i" 
n1 2 2 6 0 0 4 1 3 1 64
1 ""
0 
mpsfreq 1 1 1000000 0 0 2 1 0 1 64
1 9.5 
0 
modules 2 2 8 0 0 2 1 1 1 64
1 ""
0 
molecularmass 1 1 9.99999984307e+17 0 0 2 1 8 1 64
1 0 
0 
mpspower 1 1 1000 -1 0 2 1 0 1 64
1 0 
0 
nt 7 1 1000000000 1 1 2 1 2 1 64
1 1000000 
0 
nameprefix 2 2 8 0 0 2 1 9 1 64
1 ""
0 
n3 2 2 6 0 0 4 1 3 1 64
1 ""
0 
n2 2 2 6 0 0 4 1 3 1 64
1 ""
0 
name 2 2 8 0 0 3 1 0 1 64
1 ""
0 
notebook 2 2 8 0 0 2 1 0 1 64
1 ""
0 
newmodules 2 2 8 0 0 2 1 1 1 64
1 ""
0 
np 7 1 262144 32 -2 2 1 11 1 64
1 64 
0 
osfb 1 1 100000 0 0 2 1 1 0 64
1 0 
0 
operator_ 2 2 128 0 0 2 1 32772 1 64
1 "dannuc"
0 
obsSW 2 2 8 0 0 2 1 1 1 64
1 "setsw(14,-2)"
0 
oscoef 7 1 49999 3 2 2 1 1 1 64
1 45 
0 
oslsfrq 1 1 9.99999984307e+17 -9.99999984307e+17 0 2 1 1 0 64
1 0 
0 
osfilt 2 2 8 0 0 2 1 0 1 64
1 ""
5 "a" "A" "b" "B" "" 
oversamp 7 1 20 0 1 2 1 9 1 64
1 1 
0 
time_plotted 2 2 8 0 0 3 1 0 1 64
1 ""
0 
rfband 4 2 4 0 0 2 1 0 1 64
1 "c"
3 "c" "h" "l" 
pwwet4 6 1 1000000 0 0.1 2 1 16384 1 64
1 0 
0 
priority 7 1 32768 0 1 2 1 0 1 64
1 5 
0 
phfid1 1 1 3600 -3600 0.1 3 1 0 0 64
1 0 
0 
parrev 1 1 9.99999984307e+17 -9.99999984307e+17 0 2 1 0 1 64
1 1 
0 
page 2 2 8 0 0 2 1 0 1 64
1 ""
0 
pad 3 1 14 14 14 2 1 8194 1 64
1 0 
0 
paramChanged 1 1 9.99999984307e+17 -9.99999984307e+17 0 2 1 0 1 64
1 0 
0 
parlabel 2 2 8 0 0 2 1 5 1 64
1 ""
0 
parversion 1 1 9.99999984307e+17 -9.99999984307e+17 0 2 1 4 1 64
1 5.1 
0 
parver 2 2 8 0 0 2 1 0 1 64
1 "OpenVnmrJ VERSION 2.1 REVISION A"
0 
parstyle_ 2 2 8 0 0 4 1 0 1 64
1 "ppa"
0 
phfid 1 1 3600 -3600 0.1 3 1 0 0 64
1 0 
0 
position1 2 2 8 0 0 3 1 0 1 64
1 ""
0 
pltmod 2 2 8 0 0 4 1 16384 1 64
1 "fixed"
5 "off" "fixed" "full" "variable" "user" 
plocklist 2 2 8 0 0 2 1 1 1 64
1 ""
0 
pkpick_ 2 2 8 0 0 4 1 0 1 64
1 ""
0 
plotoption 2 2 8 0 0 4 1 0 1 64
7 "pl"
"axis"
"comments"
"params"
"logo"
"header"
"miniplot"
0 
pmode 2 2 8 0 0 3 1 0 1 64
1 "partial"
0 
pltopt 4 2 4 0 0 2 1 0 1 64
1 "y"
0 
pplvl_cf 1 1 9.99999984307e+17 -9.99999984307e+17 0 2 1 0 1 64
1 1 
0 
pp 6 1 13 13 13 2 1 8192 1 64
1 15 
0 
position2 2 2 8 0 0 3 1 0 1 64
1 ""
0 
pplvl 1 1 9 9 9 2 1 8192 1 64
1 55 
0 
preacq 6 1 13 13 13 2 1 8192 0 64
1 0 
0 
prcopt 4 2 4 0 0 2 1 0 1 64
1 "y"
0 
prescan 2 2 8 0 0 3 1 256 1 64
11 "Not done"
"Not done"
"off"
"off"
"off"
"off"
"off"
"on"
"on"
""
""
0 
protocols 2 2 8 0 0 3 1 0 1 64
1 ""
0 
procdim 7 1 32767 0 0 3 1 0 1 64
1 0 
0 
proc 2 2 10 0 0 3 1 1 1 64
1 "ft"
0 
probestyle_ 2 2 8 0 0 2 1 0 1 64
1 ""
0 
probe_ 2 2 8 0 0 2 1 8 1 64
1 ""
0 
probetype_ 2 2 8 0 0 2 1 1 1 64
1 ""
0 
proc1 2 2 10 0 0 3 2 1 1 64
1 "ft"
0 
proccmd 2 2 8 0 0 3 1 7 1 64
1 ""
0 
protoVal 2 2 8 0 0 4 1 32784 1 64
1 ""
0 
processid 1 1 9.99999984307e+17 -9.99999984307e+17 0 2 1 0 1 64
1 0 
0 
pwwet 6 1 1000000 0 0.1 2 1 16384 1 64
1 0 
0 
pw 6 1 13 13 13 2 1 8194 1 64
1 4.3 
0 
pslabel 2 2 8 0 0 2 1 11 1 64
1 "MPS Tuning"
0 
pw90 6 1 13 13 13 2 1 24578 1 64
1 8.7 
0 
pwwet2 6 1 1000000 0 0.1 2 1 16384 1 64
1 0 
0 
pwwet1 6 1 1000000 0 0.1 2 1 16384 1 64
1 0 
0 
pwwet3 6 1 1000000 0 0.1 2 1 16384 1 64
1 0 
0 
r7 1 1 1e+18 -1e+18 0 4 1 1 1 64
1 0 
0 
r1 1 1 1e+18 -1e+18 0 4 1 1 1 64
1 0 
0 
pwxlvl 1 1 9 9 9 2 1 8192 1 64
1 55 
0 
pwx2lvl 1 1 18 18 18 2 1 8192 1 64
1 55 
0 
pwx2 6 1 13 13 13 2 1 8192 1 64
1 15 
0 
pwx 6 1 13 13 13 2 1 8192 1 64
1 15 
0 
pwx2lvl_cf 1 1 9.99999984307e+17 -9.99999984307e+17 0 2 1 0 1 64
1 1 
0 
queue 2 2 8 0 0 2 1 0 1 64
1 "dayQ"
0 
pwxlvl_cf 1 1 9.99999984307e+17 -9.99999984307e+17 0 2 1 0 1 64
1 1 
0 
r3 1 1 1e+18 -1e+18 0 4 1 1 1 64
1 0 
0 
r2 1 1 1e+18 -1e+18 0 4 1 1 1 64
1 0 
0 
r5 1 1 1e+18 -1e+18 0 4 1 1 1 64
1 0 
0 
r4 1 1 1e+18 -1e+18 0 4 1 1 1 64
1 0 
0 
r6 1 1 1e+18 -1e+18 0 4 1 1 1 64
1 0 
0 
reffrq 1 1 9.99999984307e+17 -9.99999984307e+17 0 4 1 0 1 64
1 13.9998987877 
0 
ref1 5 1 1000000000 -1000000000 0 3 1 0 1 64
1 0 
0 
ref 5 1 1000000000 -1000000000 0 3 4 0 1 64
1 0 
0 
refpos 1 1 9.99999984307e+17 -9.99999984307e+17 0 4 1 0 1 64
1 0 
0 
reffrq1 1 1 9.99999984307e+17 -9.99999984307e+17 0 4 1 0 1 64
1 125.6955729 
0 
researchgroup 2 2 8 0 0 2 1 0 1 64
1 ""
0 
refstd_ 2 2 8 0 0 2 1 65808 1 64
1 ""
0 
retentiontime_ 2 2 8 0 0 2 1 0 1 64
1 ""
0 
sc2 1 1 3 3 3 4 1 8195 1 64
1 8 
0 
sample 2 2 8 0 0 2 1 16384 1 64
1 ""
0 
rof2 6 1 13 13 13 2 1 24578 1 64
1 9.9999961853 
0 
rfp 1 1 1000000000 -1000000000 0 4 1 16385 1 64
1 0 
0 
rfl 1 1 1000000000 -1000000000 0 4 1 16385 1 64
1 27.9868749092 
0 
rfchnuclei 2 2 8 0 0 2 1 256 1 64
1 ""
0 
rfl1 1 1 1000000000 -1000000000 0 4 1 1 1 64
1 0 
0 
rfp1 1 1 1000000000 -1000000000 0 4 1 1 1 64
1 0 
0 
rof1 6 1 13 13 13 2 1 8194 1 64
1 10 
0 
rp1 1 1 3600 -3600 0.1 4 1 3 1 64
1 0 
0 
rp 1 1 3600 -3600 0.1 4 1 16387 1 64
1 125.700977623 
0 
sa 7 1 10000000 0 0 3 1 1 0 64
1 1024 
0 
satmode 4 2 4 0 0 2 1 16384 1 64
1 "nnn"
2 "y" "n" 
sampwt 1 1 9.99999984307e+17 -9.99999984307e+17 0 2 1 0 1 64
1 0 
0 
sampleowner 2 2 8 0 0 2 1 0 1 64
1 ""
0 
samplename 2 2 8 0 0 2 1 8 1 64
1 ""
0 
samplevolume 1 1 9.99999984307e+17 0 0 2 1 8 1 64
1 600 
0 
satdly 3 1 14 14 14 2 1 24576 1 64
1 0 
0 
sas 7 1 10000000 0 0 3 1 1 0 64
1 0 
0 
satfrq 5 1 1000000000 -1000000000 0 2 1 16640 1 64
1 261.29504209 
0 
sb1 1 1 1000 -1000 0 3 1 1 0 64
1 0 
0 
saveshapes 2 2 8 0 0 2 1 256 1 64
1 ""
0 
satpwr 1 1 17 17 17 2 1 24576 1 64
1 0 
0 
saveglobal_ 2 2 8 0 0 3 1 0 1 64
21 "probe"
"lcpeak"
"loc"
"lockpower"
"lockgain"
"lockphase"
"lockfreq"
"z0"
"lkof"
"vloc"
"vrack"
"vzone"
"vproto"
"pkpick"
"parstyle"
"operator"
"studyid"
"systemname"
"probetype"
"refstd"
"probestyle"
0 
sb 1 1 1000 -1000 0 3 1 0 0 64
1 0 
0 
sbs1 1 1 1000 -1000 0 3 1 1 0 64
1 0 
0 
sbs 1 1 1000 -1000 0 3 1 1 0 64
1 0 
0 
sc 1 1 1 1 1 4 1 8195 1 64
1 8 
0 
sspul 4 2 4 0 0 2 1 0 1 64
1 "n"
2 "y" "n" 
sp1 1 1 1000000000 -1000000000 0 4 1 3 1 64
1 649.999938965 
0 
sfrq 1 1 1000000000 0 0 2 1 11 1 64
1 13.9999828 
0 
seqfil 2 2 8 0 0 2 1 11 1 64
1 "mpstune"
0 
scoutinfo 2 2 8 0 0 2 1 256 1 64
1 ""
0 
scans 2 2 8 0 0 3 1 0 1 64
1 ""
0 
sdirtmplt 2 2 8 0 0 2 1 0 1 64
1 ""
0 
sf 1 1 8190 0 1e-07 4 1 3 1 64
1 0 
0 
sf1 1 1 9.99999984307e+17 -9.99999984307e+17 0 4 1 0 1 64
1 0 
0 
sn 1 1 1e+18 -1e+18 0 3 1 1 1 64
1 0 
0 
shims 2 2 8 0 0 2 1 0 1 64
1 ""
0 
sp 1 1 5000000 -5000000 0 4 1 3 1 64
1 -575.435016732 
0 
solvent 2 2 6 0 0 2 1 11 1 64
1 "cdcl3"
0 
sreffrq 1 1 9.99999984307e+17 -9.99999984307e+17 0 2 1 0 1 64
1 13.9998987877 
0 
spin 1 1 39 0 1 2 1 0 0 64
1 20 
0 
srate 7 1 32767 0 1 2 1 0 1 64
1 25 
0 
ss 7 1 32767 -32768 0 2 1 0 1 64
1 0 
0 
studystatus 2 2 8 0 0 2 1 0 1 64
1 "Active"
0 
strtpar 2 2 8 0 0 2 1 0 1 64
1 ""
0 
strtlp 7 1 1000000 1 1 3 1 0 1 64
1 2 
0 
strtext1 7 1 1000000 1 1 3 1 0 1 64
1 1 
0 
strtext 7 1 1000000 1 1 3 1 0 1 64
1 1 
0 
strtlp1 7 1 1000000 1 1 3 1 0 1 64
1 2 
0 
studyid_ 2 2 8 0 0 2 1 0 1 64
1 "tmpstudy"
0 
study 2 2 8 0 0 3 1 0 1 64
1 ""
0 
studyowner 2 2 8 0 0 2 1 0 1 64
1 "dannuc"
0 
temp 1 1 200 -150 0.1 2 1 16392 0 64
1 30 
0 
sw 1 1 5 5 5 2 1 24587 1 64
1 223.998380603 
0 
svfopt 4 2 4 0 0 2 1 0 1 64
1 "y"
0 
studytime 1 1 9.99999984307e+17 -9.99999984307e+17 0 2 1 0 1 64
1 41280 
0 
svftmplt 2 2 8 0 0 2 1 0 1 64
1 ""
0 
tchan 7 1 32767 0 0 2 1 0 1 64
1 1 
0 
systemname_ 2 2 8 0 0 2 1 0 1 64
1 "dannuc-NUC8i3CYS-b1214"
0 
time_complete 2 2 8 0 0 4 1 0 1 64
1 "20200507T121753"
0 
text_string 2 2 8 0 0 4 1 256 1 64
1 ""
0 
tempFTS 1 1 200 -150 0.1 2 1 1 1 64
1 25 
0 
th 1 1 1000000000 0 0 4 1 1 1 64
1 25.5 
0 
time_exp 2 2 8 0 0 2 1 0 1 64
1 ""
0 
wc 1 1 2 2 2 4 1 8203 1 64
1 234 
0 
username 2 2 8 0 0 2 1 0 1 64
1 "vnmr1"
0 
tin 2 2 1 0 0 2 1 2 1 64
1 "n"
3 "n" "w" "y" 
time_submitted 2 2 8 0 0 2 1 0 1 64
1 "20200507T121753"
0 
time_run 2 2 8 0 0 2 1 0 1 64
1 "20200507T121753"
0 
time_processed 2 2 8 0 0 3 1 0 1 64
1 ""
0 
time_saved 2 2 8 0 0 4 1 0 1 64
1 "20200507T124509"
0 
time_svfdate 2 2 8 0 0 2 1 0 1 64
1 "20200507T121753"
0 
time_submitted_local 2 2 8 0 0 2 1 0 1 64
1 "20200507T121753X12PMThuMay"
0 
tpwr 1 1 17 17 17 2 1 24578 1 64
1 59 
0 
tn 2 2 4 0 0 2 1 8 1 64
1 "H1"
0 
tlt 1 1 1000000000 -1000000000 0 4 1 1 1 64
1 0 
0 
tnshapes 2 2 8 0 0 2 1 256 1 64
3 ""
""
""
0 
tnref 2 2 8 0 0 4 1 1 1 64
1 ""
0 
tof 5 1 7 7 7 2 1 24586 1 64
1 14 
0 
trace 2 2 2 0 0 4 1 3 1 64
1 "f1"
2 "f1" "f2" 
tpwr_cf 1 1 9.99999984307e+17 -9.99999984307e+17 0 2 1 16384 1 64
1 0.95 
0 
tunesw 1 1 250 10 0 2 1 0 1 64
1 250
0 
tunemethod 2 2 8 0 0 2 1 0 1 64
1 "n"
0 
tupwr 1 1 20 0 0 2 1 0 1 64
1 0 
0 
vpfi 1 1 500 -500 0 4 1 0 1 64
1 0 
0 
vo 1 1 500 -500 0 4 1 1 1 64
1 0 
0 
vjdialog 2 2 8 0 0 4 1 256 1 64
1 ""
0 
vf 1 1 1000000000 0 0 4 1 3 1 64
1 150 
0 
userplotter 2 2 8 0 0 4 1 0 1 64
1 ""
0 
vjdialogarg 2 2 8 0 0 4 1 256 1 64
1 ""
0 
vloc_ 2 2 8 0 0 2 1 8 1 64
1 "0"
0 
vp 7 1 500 -500 0.1 4 1 3 1 64
1 0 
0 
volume 1 1 9.99999984307e+17 -9.99999984307e+17 0 2 1 0 1 64
1 0 
0 
vpf 1 1 500 -500 0 4 1 0 1 64
1 0 
0 
vsproj 1 1 1000000000 1e-06 0 4 1 3 1 64
1 200 
0 
vs 1 1 1000000000 1e-06 0 4 1 3 1 64
1 4.4606423006 
0 
vrack_ 7 1 5 1 0 2 1 0 1 64
1 1 
0 
vproto_ 2 2 8 0 0 2 1 0 1 64
1 ""
0 
vs2d 1 1 1000000000 1e-06 0 4 1 3 1 64
1 200 
0 
vtwait 3 1 14 14 14 2 1 8194 1 64
1 300 
0 
vtc 1 1 255 0 1 2 1 2 1 64
1 25 
0 
wbs 2 2 6 0 0 3 1 3 1 64
1 "mpstune(`process`)"
0 
vzone_ 7 1 15 1 0 2 1 0 1 64
1 1 
0 
xz 7 1 19 19 19 2 1 8192 1 64
1 0 
0 
wetshape4 2 2 8 0 0 2 1 16384 1 64
1 "wetshape"
0 
wetpwr1 7 1 48 0 1 2 1 16384 1 64
1 0 
0 
wet 4 2 4 0 0 2 1 16384 1 64
1 "n"
2 "y" "n" 
wdone 2 2 8 0 0 3 1 0 1 64
1 ""
0 
wc2 1 1 4 4 4 4 1 8195 1 64
1 139 
0 
werr 2 2 6 0 0 3 1 3 1 64
1 ""
0 
wds 2 2 8 0 0 3 1 0 1 64
1 ""
0 
wetfrq 5 1 1000000000 -1000000000 0 2 1 16640 1 64
1 388.90491955 
0 
wetfly 4 2 4 0 0 2 1 0 1 64
1 "n"
2 "y" "n" 
wetpwr 7 1 48 -16 1 2 1 16384 1 64
1 0 
0 
wetshape 2 2 8 0 0 2 1 16384 1 64
1 "wetshape"
0 
wetpwr3 7 1 48 0 1 2 1 16384 1 64
1 0 
0 
wetpwr2 7 1 48 0 1 2 1 16384 1 64
1 0 
0 
wetpwr4 7 1 48 0 1 2 1 16384 1 64
1 0 
0 
wetshape2 2 2 8 0 0 2 1 16384 1 64
1 "wetshape"
0 
wetshape1 2 2 8 0 0 2 1 16384 1 64
1 "wetshape"
0 
wetshape3 2 2 8 0 0 2 1 16384 1 64
1 "wetshape"
0 
wshim 4 2 4 0 0 2 1 1 1 64
1 "n"
15 "e" "f" "g" "n" "s" "0" "1" "2" "3" "4" "5" "6" "7" "8" "9" 
wnt 2 2 6 0 0 3 1 3 1 64
1 ""
0 
wf 1 1 8190 0 1e-07 4 1 3 1 64
1 0.053504 
0 
wexp 2 2 6 0 0 3 1 3 1 64
1 "mpstune(`reset`)"
0 
wf1 1 1 9.99999984307e+17 -9.99999984307e+17 0 4 1 0 1 64
1 1.998 
0 
wp1 1 1 100000 0 0 4 1 3 1 64
1 49.9999961853 
0 
wp 1 1 5000000 0 0 4 1 11 1 64
1 4765.99880383 
0 
wrtp 2 2 8 0 0 4 1 0 1 64
1 ""
0 
wqinit 2 2 8 0 0 4 1 0 1 64
1 ""
0 
x2y2 7 1 19 19 19 2 1 8192 1 64
1 0 
0 
wtfile1 2 2 15 0 0 3 2 1 1 64
1 ""
0 
wtfile 2 2 15 0 0 3 1 1 1 64
1 ""
0 
wstart 2 2 8 0 0 3 1 0 1 64
1 ""
0 
x1 7 1 19 19 19 2 1 8192 1 64
1 0 
0 
wtune 4 2 4 0 0 2 1 0 1 64
1 "n"
11 "s" "t" "e" "i" "n" "o" "v" "1" "2" "3" "4" 
x4 7 1 19 19 19 2 1 8192 1 64
1 0 
0 
x3 7 1 19 19 19 2 1 8192 1 64
1 0 
0 
xy 7 1 19 19 19 2 1 8192 1 64
1 0 
0 
xm 4 2 4 0 0 2 1 0 1 64
1 "nnn"
2 "n" "y" 
z3 7 1 19 19 19 2 1 8192 1 64
1 0 
0 
z1 7 1 19 19 19 2 1 8192 1 64
1 0 
0 
y4 7 1 19 19 19 2 1 8192 1 64
1 0 
0 
y1 7 1 19 19 19 2 1 8192 1 64
1 0 
0 
xz2 7 1 19 19 19 2 1 8192 1 64
1 0 
0 
y3 7 1 19 19 19 2 1 8192 1 64
1 0 
0 
yz2 7 1 19 19 19 2 1 8192 1 64
1 0 
0 
yz 7 1 19 19 19 2 1 8192 1 64
1 0 
0 
z0_ 1 1 19 19 19 2 1 73744 1 64
1 0 
0 
z2x2y2 7 1 19 19 19 2 1 8192 1 64
1 0 
0 
z2 7 1 19 19 19 2 1 8192 1 64
1 0 
0 
z1c 7 1 19 19 19 2 1 8192 1 64
1 -1044 
0 
z2c 7 1 19 19 19 2 1 8192 1 64
1 196 
0 
z2xy 7 1 19 19 19 2 1 8192 1 64
1 0 
0 
z2x3 7 1 19 19 19 2 1 8192 1 64
1 0 
0 
z2y3 7 1 19 19 19 2 1 8192 1 64
1 0 
0 
z4x2y2 7 1 19 19 19 2 1 8192 1 64
1 0 
0 
z3y3 7 1 19 19 19 2 1 8192 1 64
1 0 
0 
z3x2y2 7 1 19 19 19 2 1 8192 1 64
1 0 
0 
z3x 7 1 19 19 19 2 1 8192 1 64
1 0 
0 
z3c 7 1 19 19 19 2 1 8192 1 64
1 0 
0 
z3xy 7 1 19 19 19 2 1 8192 1 64
1 0 
0 
z3x3 7 1 19 19 19 2 1 8192 1 64
1 0 
0 
z3y 7 1 19 19 19 2 1 8192 1 64
1 0 
0 
z4c 7 1 19 19 19 2 1 8192 1 64
1 0 
0 
z4 7 1 19 19 19 2 1 8192 1 64
1 0 
0 
z4x 7 1 19 19 19 2 1 8192 1 64
1 0 
0 
z6 7 1 19 19 19 2 1 8192 1 64
1 0 
0 
z5x 7 1 19 19 19 2 1 8192 1 64
1 0 
0 
z4y 7 1 19 19 19 2 1 8192 1 64
1 0 
0 
z4xy 7 1 19 19 19 2 1 8192 1 64
1 0 
0 
z5 7 1 19 19 19 2 1 8192 1 64
1 0 
0 
z5y 7 1 19 19 19 2 1 8192 1 64
1 0 
0 
zx2y2 7 1 19 19 19 2 1 8192 1 64
1 0 
0 
z8 7 1 19 19 19 2 1 8192 1 64
1 0 
0 
z7 7 1 19 19 19 2 1 8192 1 64
1 0 
0 
zoom 7 1 32767 0 0 4 1 0 1 64
1 0 
0 
zxy 7 1 19 19 19 2 1 8192 1 64
1 0 
0 
zx3 7 1 19 19 19 2 1 8192 1 64
1 0 
0 
zy3 7 1 19 19 19 2 1 8192 1 64
1 0 
0 
